GEM
  remote: https://rubygems.org/
  specs:
    Ascii85 (1.0.2)
    addressable (2.4.0)
    afm (0.2.2)
    asciidoctor (1.5.4)
    asciidoctor-epub3 (1.5.0.alpha.6)
      asciidoctor (~> 1.5.0)
      gepub (~> 0.6.9.2)
      thread_safe (~> 0.3.5)
    asciidoctor-pdf (1.5.0.alpha.11)
      asciidoctor (~> 1.5.0)
      prawn (>= 1.3.0, < 3.0.0)
      prawn-icon (= 1.0.0)
      prawn-svg (= 0.21.0)
      prawn-table (= 0.2.2)
      prawn-templates (= 0.0.3)
      safe_yaml (~> 1.0.4)
      thread_safe (~> 0.3.5)
      treetop (= 1.5.3)
    coderay (1.1.0)
    css_parser (1.3.7)
      addressable
    em-websocket (0.5.1)
      eventmachine (>= 0.12.9)
      http_parser.rb (~> 0.6.0)
    epubcheck (3.0.1)
    eventmachine (1.0.9.1)
    ffi (1.9.10)
    formatador (0.2.5)
    gepub (0.6.9.2)
      nokogiri (~> 1.6.1)
      rubyzip (>= 1.1.1)
    guard (2.13.0)
      formatador (>= 0.2.4)
      listen (>= 2.7, <= 4.0)
      lumberjack (~> 1.0)
      nenv (~> 0.1)
      notiffany (~> 0.0)
      pry (>= 0.9.12)
      shellany (~> 0.0)
      thor (>= 0.18.1)
    guard-compat (1.2.1)
    guard-livereload (2.5.2)
      em-websocket (~> 0.5)
      guard (~> 2.8)
      guard-compat (~> 1.0)
      multi_json (~> 1.8)
    guard-shell (0.7.1)
      guard (>= 2.0.0)
      guard-compat (~> 1.0)
    hashery (2.1.1)
    http_parser.rb (0.6.0)
    kindlegen (2.9.6)
    listen (3.0.6)
      rb-fsevent (>= 0.9.3)
      rb-inotify (>= 0.9.7)
    lumberjack (1.0.10)
    method_source (0.8.2)
    mini_portile2 (2.0.0)
    multi_json (1.11.2)
    nenv (0.3.0)
    nokogiri (1.6.7.2)
      mini_portile2 (~> 2.0.0.rc2)
    notiffany (0.0.8)
      nenv (~> 0.1)
      shellany (~> 0.0)
    pdf-core (0.6.0)
    pdf-reader (1.3.3)
      Ascii85 (~> 1.0.0)
      afm (~> 0.2.0)
      hashery (~> 2.0)
      ruby-rc4
      ttfunk
    polyglot (0.3.5)
    prawn (2.0.2)
      pdf-core (~> 0.6.0)
      ttfunk (~> 1.4.0)
    prawn-icon (1.0.0)
      prawn (>= 1.1.0, < 3.0.0)
    prawn-svg (0.21.0)
      css_parser (~> 1.3)
      prawn (>= 0.8.4, < 3)
    prawn-table (0.2.2)
      prawn (>= 1.3.0, < 3.0.0)
    prawn-templates (0.0.3)
      pdf-reader (~> 1.3)
      prawn (>= 0.15.0)
    pry (0.10.3)
      coderay (~> 1.1.0)
      method_source (~> 0.8.1)
      slop (~> 3.4)
    rb-fsevent (0.9.7)
    rb-inotify (0.9.7)
      ffi (>= 0.5.0)
    ruby-rc4 (0.1.5)
    rubyzip (1.1.7)
    safe_yaml (1.0.4)
    shellany (0.0.1)
    slim (3.0.6)
      temple (~> 0.7.3)
      tilt (>= 1.3.3, < 2.1)
    slop (3.6.0)
    temple (0.7.6)
    thor (0.19.1)
    thread_safe (0.3.5)
    tilt (2.0.2)
    treetop (1.5.3)
      polyglot (~> 0.3)
    ttfunk (1.4.0)
    yajl-ruby (1.2.1)

PLATFORMS
  ruby

DEPENDENCIES
  asciidoctor
  asciidoctor-epub3
  asciidoctor-pdf
  epubcheck
  guard
  guard-livereload
  guard-shell
  kindlegen
  slim
  thread_safe
  yajl-ruby
